GEM
  remote: https://rubygems.org/
  specs:
    rmagick (2.15.4)
    slop (4.2.1)

PLATFORMS
  ruby

DEPENDENCIES
  rmagick
  slop (>= 4.0)

BUNDLED WITH
   1.10.6
